GIT
  remote: git://github.com/koenpunt/capistrano-nvm.git
  revision: cb106a098640e7e174bd2b885f783c7cd7d67331
  specs:
    capistrano-nvm (0.0.4)
      capistrano (~> 3.1)

GEM
  remote: https://rubygems.org/
  specs:
    capistrano (3.2.1)
      i18n
      rake (>= 10.0.0)
      sshkit (~> 1.3)
    capistrano-npm (1.0.0)
      capistrano (>= 3.0.0.pre)
    i18n (0.6.9)
    json (1.8.1)
    net-scp (1.2.1)
      net-ssh (>= 2.6.5)
    net-ssh (2.9.1)
    rake (10.3.2)
    slackistrano (0.0.10)
      capistrano
      json
    sshkit (1.3.0)
      net-scp (>= 1.1.2)
      net-ssh
      term-ansicolor
    term-ansicolor (1.3.0)
      tins (~> 1.0)
    tins (1.3.0)

PLATFORMS
  ruby

DEPENDENCIES
  capistrano (~> 3.2.1)
  capistrano-npm
  capistrano-nvm!
  slackistrano
