GEM
  remote: https://rubygems.org/
  specs:
    bourbon (4.0.1)
      sass (~> 3.3)
      thor
    sass (3.3.1)
    thor (0.19.1)

PLATFORMS
  ruby

DEPENDENCIES
  bourbon (~> 4.0.1)
  sass (~> 3.3.1)
